GEM
  remote: http://rubygems.org/
  specs:
    haml (3.0.22)
    htmlentities (4.2.1)
    nokogiri (1.4.3.1)
    rack (1.2.1)
    sinatra (1.0)
      rack (>= 1.0)

PLATFORMS
  ruby

DEPENDENCIES
  haml
  htmlentities
  nokogiri
  sinatra
